GIT
  remote: git://github.com/0robustus1/ontology-united.git
  revision: 463bcd2ff97951719f08b8b69187c05af1cb17e2
  specs:
    ontology-united (0.0.3)

GIT
  remote: git://github.com/0robustus1/specroutes.git
  revision: 60e0b10eda4ede044e06af403eb494a994d1df95
  specs:
    specroutes (0.0.1)
      libxml-ruby (~> 2.8.0)
      rails (~> 3.2.21)

GIT
  remote: git://github.com/PaulMest/sidetiq.git
  revision: d88f9e483affcbadbd9e8b98b4a0a9518933887a
  ref: d88f9e483affcbadbd9e8b98b4a0a9518933887a
  specs:
    sidetiq (0.6.3)
      celluloid (>= 0.14.1)
      ice_cube (= 0.11.1)
      sidekiq (>= 3.0.0)

GIT
  remote: git://github.com/dtaniwaki/rails_config.git
  revision: e07c116d5591d31584215ac3bccc50321eef23f2
  ref: merge-array-option
  specs:
    rails_config (0.5.0.beta1)
      activesupport (>= 3.0)

GIT
  remote: git://github.com/llwt/codemirror-rails.git
  revision: df5231e3053773e37b27f8181738c7080cd1c3cd
  specs:
    codemirror-rails (4.0.3)
      railties (>= 3.0, < 5)

GIT
  remote: git://github.com/tristanm/jstree-rails.git
  revision: 66fbbb9ffc4ce8963cbd1717ef100864e7c5df1d
  specs:
    jstree-rails (0.0.1)
      rails (>= 3.1)

GEM
  remote: https://rubygems.org/
  specs:
    CFPropertyList (2.2.8)
    actionmailer (3.2.22)
      actionpack (= 3.2.22)
      mail (~> 2.5.4)
    actionpack (3.2.22)
      activemodel (= 3.2.22)
      activesupport (= 3.2.22)
      builder (~> 3.0.0)
      erubis (~> 2.7.0)
      journey (~> 1.0.4)
      rack (~> 1.4.5)
      rack-cache (~> 1.2)
      rack-test (~> 0.6.1)
      sprockets (~> 2.2.1)
    active_model_serializers (0.9.3)
      activemodel (>= 3.2)
    activemodel (3.2.22)
      activesupport (= 3.2.22)
      builder (~> 3.0.0)
    activerecord (3.2.22)
      activemodel (= 3.2.22)
      activesupport (= 3.2.22)
      arel (~> 3.0.2)
      tzinfo (~> 0.3.29)
    activeresource (3.2.22)
      activemodel (= 3.2.22)
      activesupport (= 3.2.22)
    activesupport (3.2.22)
      i18n (~> 0.6, >= 0.6.4)
      multi_json (~> 1.0)
    acts_as_relation (0.1.3)
      activerecord (~> 3.2)
    acts_as_tree (2.2.0)
      activerecord (>= 3.0.0)
    addressable (2.3.8)
    ansi (1.5.0)
    arel (3.0.3)
    autoprefixer-rails (6.1.0.1)
      execjs
      json
    bcrypt (3.1.10)
    better_errors (2.1.1)
      coderay (>= 1.0.0)
      erubis (>= 2.6.6)
      rack (>= 0.9.0)
    binding_of_caller (0.7.2)
      debug_inspector (>= 0.0.1)
    bootstrap-sass (3.3.5.1)
      autoprefixer-rails (>= 5.0.0.1)
      sass (>= 3.3.0)
    bootstrap-select-rails (1.6.3)
    builder (3.0.4)
    byebug (5.0.0)
      columnize (= 0.9.0)
    cancan (1.6.10)
    capistrano (3.4.0)
      i18n
      rake (>= 10.0.0)
      sshkit (~> 1.3)
    capistrano-bundler (1.1.4)
      capistrano (~> 3.1)
      sshkit (~> 1.2)
    capistrano-rails (1.1.5)
      capistrano (~> 3.1)
      capistrano-bundler (~> 1.1)
    capistrano-rvm (0.1.2)
      capistrano (~> 3.0)
      sshkit (~> 1.2)
    capybara (2.4.4)
      mime-types (>= 1.16)
      nokogiri (>= 1.3.3)
      rack (>= 1.0.0)
      rack-test (>= 0.5.4)
      xpath (~> 2.0)
    celluloid (0.17.2)
      celluloid-essentials
      celluloid-extras
      celluloid-fsm
      celluloid-pool
      celluloid-supervision
      timers (>= 4.1.1)
    celluloid-essentials (0.20.5)
      timers (>= 4.1.1)
    celluloid-extras (0.20.5)
      timers (>= 4.1.1)
    celluloid-fsm (0.20.5)
      timers (>= 4.1.1)
    celluloid-io (0.17.2)
      celluloid (>= 0.17.2)
      nio4r (>= 1.1)
      timers (>= 4.1.1)
    celluloid-pool (0.20.5)
      timers (>= 4.1.1)
    celluloid-supervision (0.20.5)
      timers (>= 4.1.1)
    choice (0.2.0)
    chunky_png (1.3.5)
    cliver (0.3.2)
    coderay (1.1.0)
    coffee-rails (3.2.2)
      coffee-script (>= 2.2.0)
      railties (~> 3.2.0)
    coffee-script (2.4.1)
      coffee-script-source
      execjs
    coffee-script-source (1.9.1.1)
    colorize (0.7.7)
    columnize (0.9.0)
    compass (1.0.3)
      chunky_png (~> 1.2)
      compass-core (~> 1.0.2)
      compass-import-once (~> 1.0.5)
      rb-fsevent (>= 0.9.3)
      rb-inotify (>= 0.9)
      sass (>= 3.3.13, < 3.5)
    compass-core (1.0.3)
      multi_json (~> 1.0)
      sass (>= 3.3.0, < 3.5)
    compass-import-once (1.0.5)
      sass (>= 3.2, < 3.5)
    connection_pool (2.2.0)
    crack (0.4.2)
      safe_yaml (~> 1.0.0)
    cucumber (1.3.20)
      builder (>= 2.1.2)
      diff-lcs (>= 1.1.3)
      gherkin (~> 2.12)
      multi_json (>= 1.7.5, < 2.0)
      multi_test (>= 0.1.2)
    cucumber-rails (1.4.2)
      capybara (>= 1.1.2, < 3)
      cucumber (>= 1.3.8, < 2)
      mime-types (>= 1.16, < 3)
      nokogiri (~> 1.5)
      rails (>= 3, < 5)
    d3_rails (3.5.6)
      railties (>= 3.1.0)
    dagnabit (3.0.1)
      activerecord (>= 2.3.0)
    data_migrate (1.2.0)
      rails (>= 3.0.0)
    database_cleaner (1.4.1)
    debug_inspector (0.0.2)
    devise (3.5.2)
      bcrypt (~> 3.0)
      orm_adapter (~> 0.1)
      railties (>= 3.2.6, < 5)
      responders
      thread_safe (~> 0.1)
      warden (~> 1.2.3)
    diff-lcs (1.2.5)
    docile (1.1.5)
    domain_name (0.5.25)
      unf (>= 0.0.5, < 1.0.0)
    dotenv (1.0.2)
    easy_translate (0.5.0)
      json
      thread
      thread_safe
    elasticsearch (1.0.14)
      elasticsearch-api (= 1.0.14)
      elasticsearch-transport (= 1.0.14)
    elasticsearch-api (1.0.14)
      multi_json
    elasticsearch-extensions (0.0.19)
      ansi
      ruby-prof
    elasticsearch-model (0.1.8)
      activesupport (> 3)
      elasticsearch (> 0.4)
      hashie
    elasticsearch-rails (0.1.8)
    elasticsearch-transport (1.0.14)
      faraday
      multi_json
    em-proxy (0.1.8)
      eventmachine
    erubis (2.7.0)
    eventmachine (1.0.8)
    exception_notification (4.1.1)
      actionmailer (>= 3.0.4)
      activesupport (>= 3.0.4)
    execjs (2.6.0)
    eye (0.8.pre2)
      celluloid (~> 0.17.2)
      celluloid-io (~> 0.17.0)
      sigar (~> 0.7.3)
      state_machine
      thor
    facter (2.4.4)
      CFPropertyList (~> 2.2.6)
    factory_girl (4.5.0)
      activesupport (>= 3.0.0)
    factory_girl_rails (4.5.0)
      factory_girl (~> 4.5.0)
      railties (>= 3.0.0)
    faker (1.5.0)
      i18n (~> 0.5)
    faraday (0.9.2)
      multipart-post (>= 1.2, < 3)
    ffi (1.9.10)
    font-awesome-sass (4.4.0)
      sass (>= 3.2)
    foreigner (1.7.4)
      activerecord (>= 3.0.0)
    formatador (0.2.5)
    gherkin (2.12.2)
      multi_json (~> 1.3)
    haml (4.0.7)
      tilt
    haml-rails (0.4)
      actionpack (>= 3.1, < 4.1)
      activesupport (>= 3.1, < 4.1)
      haml (>= 3.1, < 4.1)
      railties (>= 3.1, < 4.1)
    hamlbars (2.1.1)
      execjs (>= 1.2)
      haml
      sprockets (>= 2.0)
      tilt
    handlebars_assets (0.20.2)
      execjs (~> 2.0)
      multi_json (~> 1.0)
      sprockets (>= 2.0.0, < 4.0)
      tilt (~> 1.2)
    has_scope (0.6.0)
      actionpack (>= 3.2, < 5)
      activesupport (>= 3.2, < 5)
    hashie (3.4.3)
    highline (1.7.8)
    hike (1.2.3)
    hitimes (1.2.3)
    htmlentities (4.3.4)
    http-cookie (1.0.2)
      domain_name (~> 0.5)
    http-parser-lite (0.6.0)
    i18n (0.7.0)
    i18n-tasks (0.8.7)
      activesupport (>= 2.3.18)
      easy_translate (>= 0.5.0)
      erubis
      highline (>= 1.7.3)
      i18n
      term-ansicolor (>= 1.3.2)
      terminal-table (>= 1.5.1)
    ice_cube (0.11.1)
    indefinite_article (0.2.4)
      activesupport
    inherited_resources (1.4.1)
      has_scope (~> 0.6.0.rc)
      responders (~> 1.0.0.rc)
    iniparse (1.4.1)
    invoker (1.3.2)
      dotenv (~> 1.0.2)
      em-proxy (~> 0.1)
      eventmachine (~> 1.0.4)
      facter (~> 2.2)
      formatador (~> 0.2)
      http-parser-lite (~> 0.6)
      iniparse (~> 1.1)
      rainbow (~> 2.0)
      rubydns (~> 0.8.5)
      thor (~> 0.19)
      uuid (~> 2.3)
    journey (1.0.4)
    jquery-rails (3.1.4)
      railties (>= 3.0, < 5.0)
      thor (>= 0.14, < 2.0)
    jquery-ui-rails (5.0.5)
      railties (>= 3.2.16)
    json (1.8.3)
    json-schema (2.5.1)
      addressable (~> 2.3.7)
    json-stream (0.2.1)
    kaminari (0.16.3)
      actionpack (>= 3.0.0)
      activesupport (>= 3.0.0)
    launchy (2.4.3)
      addressable (~> 2.3)
    libv8 (3.16.14.13)
    libxml-ruby (2.8.0)
    link_header (0.0.8)
    macaddr (1.7.1)
      systemu (~> 2.6.2)
    mail (2.5.4)
      mime-types (~> 1.16)
      treetop (~> 1.4.8)
    metaclass (0.0.4)
    method_source (0.8.2)
    mime-types (1.25.1)
    mini_portile (0.6.2)
    mocha (1.1.0)
      metaclass (~> 0.0.1)
    momentjs-rails (2.10.6)
      railties (>= 3.1)
    multi_json (1.11.2)
    multi_test (0.1.2)
    multipart-post (2.0.0)
    net-scp (1.2.1)
      net-ssh (>= 2.6.5)
    net-ssh (3.0.1)
    netrc (0.11.0)
    nio4r (1.1.1)
    nokogiri (1.6.6.2)
      mini_portile (~> 0.6.0)
    options (2.3.2)
    orm_adapter (0.5.0)
    pg (0.18.3)
    poltergeist (1.6.0)
      capybara (~> 2.1)
      cliver (~> 0.3.1)
      multi_json (~> 1.0)
      websocket-driver (>= 0.2.0)
    polyglot (0.3.5)
    progress_bar (1.0.5)
      highline (~> 1.6)
      options (~> 2.3.0)
    pry (0.10.3)
      coderay (~> 1.1.0)
      method_source (~> 0.8.1)
      slop (~> 3.4)
    pry-byebug (3.2.0)
      byebug (~> 5.0)
      pry (~> 0.10)
    pry-rails (0.3.4)
      pry (>= 0.9.10)
    puma (2.15.3)
    quiet_assets (1.1.0)
      railties (>= 3.1, < 5.0)
    rack (1.4.7)
    rack-cache (1.5.1)
      rack (>= 0.4)
    rack-mini-profiler (0.9.7)
      rack (>= 1.1.3)
    rack-protection (1.5.3)
      rack
    rack-ssl (1.3.4)
      rack
    rack-test (0.6.3)
      rack (>= 1.0)
    rails (3.2.22)
      actionmailer (= 3.2.22)
      actionpack (= 3.2.22)
      activerecord (= 3.2.22)
      activeresource (= 3.2.22)
      activesupport (= 3.2.22)
      bundler (~> 1.0)
      railties (= 3.2.22)
    rails-erd (1.4.4)
      activerecord (>= 3.2)
      activesupport (>= 3.2)
      choice (~> 0.2.0)
      ruby-graphviz (~> 1.2)
    railties (3.2.22)
      actionpack (= 3.2.22)
      activesupport (= 3.2.22)
      rack-ssl (~> 1.3.2)
      rake (>= 0.8.7)
      rdoc (~> 3.4)
      thor (>= 0.14.6, < 2.0)
    rainbow (2.0.0)
    rake (10.4.2)
    rb-fsevent (0.9.6)
    rb-inotify (0.9.5)
      ffi (>= 0.5.0)
    rdf (1.1.17.1)
      link_header (~> 0.0, >= 0.0.8)
    rdf-aggregate-repo (1.1.0)
      rdf (>= 1.1)
    rdf-n3 (1.1.3)
      rdf (~> 1.1, >= 1.1.5)
    rdf-rdfa (1.1.6)
      haml (~> 4.0)
      htmlentities (~> 4.3)
      rdf (~> 1.1, >= 1.1.6)
      rdf-aggregate-repo (~> 1.1)
      rdf-xsd (~> 1.1)
    rdf-rdfxml (1.1.5)
      htmlentities (~> 4.3)
      rdf (~> 1.1, >= 1.1.6)
      rdf-rdfa (~> 1.1, >= 1.1.4.1)
      rdf-xsd (~> 1.1)
    rdf-xsd (1.1.5)
      rdf (~> 1.1, >= 1.1.9)
    rdoc (3.12.2)
      json (~> 1.4)
    redcarpet (3.3.3)
    redis (3.2.1)
    redis-namespace (1.5.2)
      redis (~> 3.0, >= 3.0.4)
    redis-semaphore (0.2.4)
      redis
    ref (2.0.0)
    responders (1.0.0)
      railties (>= 3.2, < 5)
    rest-client (1.8.0)
      http-cookie (>= 1.0.2, < 2.0)
      mime-types (>= 1.16, < 3.0)
      netrc (~> 0.7)
    rspec-activemodel-mocks (1.0.2)
      activemodel (>= 3.0)
      activesupport (>= 3.0)
      rspec-mocks (>= 2.99, < 4.0)
    rspec-collection_matchers (1.1.2)
      rspec-expectations (>= 2.99.0.beta1)
    rspec-core (2.99.2)
    rspec-expectations (2.99.2)
      diff-lcs (>= 1.1.3, < 2.0)
    rspec-its (1.0.1)
      rspec-core (>= 2.99.0.beta1)
      rspec-expectations (>= 2.99.0.beta1)
    rspec-mocks (2.99.4)
    rspec-rails (2.99.0)
      actionpack (>= 3.0)
      activemodel (>= 3.0)
      activesupport (>= 3.0)
      railties (>= 3.0)
      rspec-collection_matchers
      rspec-core (~> 2.99.0)
      rspec-expectations (~> 2.99.0)
      rspec-mocks (~> 2.99.0)
    rspec-support (3.3.0)
    ruby-graphviz (1.2.2)
    ruby-prof (0.15.8)
    rubydns (0.8.5)
      eventmachine (~> 1.0.0)
    rugged (0.23.3)
    safe_yaml (1.0.4)
    sass (3.4.19)
    sass-rails (3.2.6)
      railties (~> 3.2.0)
      sass (>= 3.1.10)
      tilt (~> 1.3)
    secure_headers (2.2.4)
      user_agent_parser
    shoulda (3.5.0)
      shoulda-context (~> 1.0, >= 1.0.1)
      shoulda-matchers (>= 1.4.1, < 3.0)
    shoulda-context (1.2.1)
    shoulda-matchers (2.8.0)
      activesupport (>= 3.0.0)
    shoulda_routing_macros (0.1.2)
    sidekiq (3.5.3)
      celluloid (~> 0.17.2)
      connection_pool (~> 2.2, >= 2.2.0)
      json (~> 1.0)
      redis (~> 3.2, >= 3.2.1)
      redis-namespace (~> 1.5, >= 1.5.2)
    sidekiq-failures (0.4.5)
      sidekiq (>= 2.16.0)
    sidekiq-status (0.5.4)
      sidekiq (>= 2.7)
    sigar (0.7.3)
    simple_form (2.1.3)
      actionpack (~> 3.0)
      activemodel (~> 3.0)
    simplecov (0.10.0)
      docile (~> 1.1.0)
      json (~> 1.8)
      simplecov-html (~> 0.10.0)
    simplecov-html (0.10.0)
    sinatra (1.4.6)
      rack (~> 1.4)
      rack-protection (~> 1.4)
      tilt (>= 1.3, < 3)
    slop (3.6.0)
    sprockets (2.2.3)
      hike (~> 1.2)
      multi_json (~> 1.0)
      rack (~> 1.0)
      tilt (~> 1.1, != 1.3.0)
    sshkit (1.7.1)
      colorize (>= 0.7.0)
      net-scp (>= 1.1.2)
      net-ssh (>= 2.8.0)
    state_machine (1.2.0)
    strip_attributes (1.7.1)
      activemodel (>= 3.0, < 5.0)
    systemu (2.6.5)
    term-ansicolor (1.3.2)
      tins (~> 1.0)
    terminal-table (1.5.2)
    therubyracer (0.12.2)
      libv8 (~> 3.16.14.0)
      ref
    thor (0.19.1)
    thread (0.2.2)
    thread_safe (0.3.5)
    tilt (1.4.1)
    timers (4.1.1)
      hitimes
    tins (1.6.0)
    treetop (1.4.15)
      polyglot
      polyglot (>= 0.3.1)
    tzinfo (0.3.45)
    uglifier (2.7.2)
      execjs (>= 0.3.0)
      json (>= 1.8.0)
    underscore-rails (1.8.3)
    unf (0.1.4)
      unf_ext
    unf_ext (0.0.7.1)
    user_agent_parser (2.3.0)
    uuid (2.3.8)
      macaddr (~> 1.0)
    vcr (2.9.3)
    warden (1.2.3)
      rack (>= 1.0)
    webmock (1.21.0)
      addressable (>= 2.3.6)
      crack (>= 0.3.2)
    websocket-driver (0.6.2)
      websocket-extensions (>= 0.1.0)
    websocket-extensions (0.1.2)
    xpath (2.0.0)
      nokogiri (~> 1.3)
    yard (0.8.7.6)

PLATFORMS
  ruby

DEPENDENCIES
  active_model_serializers (~> 0.9.3)
  acts_as_relation (~> 0.1.3)
  acts_as_tree (~> 2.2.0)
  better_errors (~> 2.1.1)
  binding_of_caller (~> 0.7.2)
  bootstrap-sass (~> 3.3.3)
  bootstrap-select-rails (~> 1.6.3)
  cancan (~> 1.6.7)
  capistrano (~> 3.4.0)
  capistrano-rails (~> 1.1.1)
  capistrano-rvm (~> 0.1.1)
  capybara (~> 2.4.4)
  codemirror-rails!
  coffee-rails (~> 3.2.2)
  compass (~> 1.0.3)
  cucumber-rails (~> 1.4)
  d3_rails (~> 3.5.6)
  dagnabit (~> 3.0.1)
  data_migrate (~> 1.2.0)
  database_cleaner (~> 1.4.1)
  devise (~> 3.5.2)
  elasticsearch (~> 1.0.4)
  elasticsearch-extensions (~> 0.0.15)
  elasticsearch-model (~> 0.1.4)
  elasticsearch-rails (~> 0.1.4)
  exception_notification (~> 4.1.0)
  eye (~> 0.8.pre2)
  factory_girl_rails (~> 4.5.0)
  faker (~> 1.5.0)
  font-awesome-sass (~> 4.4.0)
  foreigner (~> 1.7.2)
  haml-rails (~> 0.4)
  hamlbars (~> 2.1.1)
  handlebars_assets (~> 0.20.1)
  has_scope (~> 0.6.0.rc)
  i18n-tasks (~> 0.8.3)
  indefinite_article (~> 0.2.0)
  inherited_resources (~> 1.4.1)
  invoker (~> 1.3.2)
  jquery-rails (~> 3.1.3)
  jquery-ui-rails (~> 5.0.5)
  json-schema (~> 2.5.0)
  json-stream (~> 0.2.1)
  jstree-rails!
  kaminari (~> 0.16.1)
  launchy (~> 2.4.3)
  mocha (~> 1.1.0)
  momentjs-rails (~> 2.10.2)
  nokogiri (~> 1.6.6.2)
  ontology-united!
  pg (~> 0.18.1)
  poltergeist (~> 1.6.0)
  progress_bar (~> 1.0.2)
  pry-byebug (~> 3.2.0)
  pry-rails (~> 0.3.2)
  puma
  quiet_assets (~> 1.1.0)
  rack-mini-profiler
  rack-protection (~> 1.5.3)
  rails (~> 3.2.22)
  rails-erd (~> 1.4.2)
  rails_config!
  rdf (~> 1.1.15)
  rdf-n3 (~> 1.1.2)
  rdf-rdfxml (~> 1.1.3)
  redcarpet (~> 3.3.2)
  redis-semaphore (~> 0.2.4)
  rest-client (~> 1.8.0)
  rspec-activemodel-mocks (~> 1.0.1)
  rspec-its (~> 1.0.1)
  rspec-rails (~> 2.0)
  ruby-graphviz (~> 1.2.2)
  rugged (~> 0.23.2)
  sass-rails (~> 3.2.6)
  secure_headers (~> 2.2.3)
  shoulda (~> 3.5.0)
  shoulda_routing_macros (~> 0.1.2)
  sidekiq (~> 3.5.3)
  sidekiq-failures (~> 0.4.5)
  sidekiq-status (~> 0.5.4)
  sidetiq!
  simple_form (~> 2.1)
  simplecov (~> 0.10.0)
  sinatra (~> 1.4.5)
  specroutes!
  strip_attributes (~> 1.0)
  therubyracer (~> 0.12.1)
  uglifier (>= 1.0.3)
  underscore-rails (~> 1.8.2)
  vcr (~> 2.9.3)
  webmock (~> 1.21.0)
  yard (~> 0.8.7.6)

BUNDLED WITH
   1.10.6
